GEM
  remote: http://rubygems.org/
  specs:
    crack (0.3.1)
    httparty (0.9.0)
      multi_json (~> 1.0)
      multi_xml
    multi_json (1.5.0)
    multi_xml (0.5.1)

PLATFORMS
  ruby

DEPENDENCIES
  crack (= 0.3.1)
  httparty (= 0.9.0)
